PATH
  remote: .
  specs:
    rulers (0.0.5)
      erubis
      rack

GEM
  remote: https://rubygems.org/
  specs:
    erubis (2.7.0)
    multi_json (1.7.7)
    rack (1.5.2)
    rack-test (0.6.2)
      rack (>= 1.0)
    rake (10.1.0)

PLATFORMS
  ruby

DEPENDENCIES
  bundler (~> 1.3)
  multi_json
  rack-test
  rake
  rulers!
